GEM
  remote: https://rubygems.org/
  specs:
    activemodel (4.2.6)
      activesupport (= 4.2.6)
      builder (~> 3.1)
    activerecord (4.2.6)
      activemodel (= 4.2.6)
      activesupport (= 4.2.6)
      arel (~> 6.0)
    activesupport (4.2.6)
      i18n (~> 0.7)
      json (~> 1.7, >= 1.7.7)
      minitest (~> 5.1)
      thread_safe (~> 0.3, >= 0.3.4)
      tzinfo (~> 1.1)
    arel (6.0.3)
    bcrypt (3.1.11)
    builder (3.2.2)
    concurrent-ruby (1.1.10)
    diff-lcs (1.2.5)
    enumerable-lazy (0.0.2)
    haml (4.0.7)
      tilt
    i18n (0.9.5)
      concurrent-ruby (~> 1.0)
    json (1.8.6)
    mail (2.7.1)
      mini_mime (>= 0.1.1)
    mime-types (2.99.3)
    mini_mime (1.1.2)
    minitest (5.15.0)
    moneta (0.8.1)
    mustermann (1.1.1)
      ruby2_keywords (~> 0.0.1)
    mustermann19 (0.4.4)
      enumerable-lazy
    padrino (0.13.3.1)
      padrino-admin (= 0.13.3.1)
      padrino-cache (= 0.13.3.1)
      padrino-core (= 0.13.3.1)
      padrino-gen (= 0.13.3.1)
      padrino-helpers (= 0.13.3.1)
      padrino-mailer (= 0.13.3.1)
      padrino-support (= 0.13.3.1)
    padrino-admin (0.13.3.1)
      padrino-core (= 0.13.3.1)
      padrino-helpers (= 0.13.3.1)
    padrino-cache (0.13.3.1)
      moneta (~> 0.8.0)
      padrino-core (= 0.13.3.1)
      padrino-helpers (= 0.13.3.1)
    padrino-core (0.13.3.1)
      activesupport (>= 3.1)
      mustermann19
      padrino-support (= 0.13.3.1)
      rack-protection (>= 1.5.0)
      sinatra (>= 1.4.6)
      thor (~> 0.18)
    padrino-gen (0.13.3.1)
      bundler (~> 1.0)
      padrino-core (= 0.13.3.1)
    padrino-helpers (0.13.3.1)
      i18n (~> 0.6, >= 0.6.7)
      padrino-support (= 0.13.3.1)
      tilt (>= 1.4.1, < 3)
    padrino-mailer (0.13.3.1)
      mail (~> 2.5)
      mime-types (< 3)
      padrino-core (= 0.13.3.1)
    padrino-support (0.13.3.1)
      activesupport (>= 3.1)
    pg (0.18.2)
    rack (2.2.3)
    rack-protection (2.2.0)
      rack
    rack-test (0.6.3)
      rack (>= 1.0)
    rake (11.1.1)
    rspec (3.4.0)
      rspec-core (~> 3.4.0)
      rspec-expectations (~> 3.4.0)
      rspec-mocks (~> 3.4.0)
    rspec-core (3.4.4)
      rspec-support (~> 3.4.0)
    rspec-expectations (3.4.0)
      diff-lcs (>= 1.2.0, < 2.0)
      rspec-support (~> 3.4.0)
    rspec-mocks (3.4.1)
      diff-lcs (>= 1.2.0, < 2.0)
      rspec-support (~> 3.4.0)
    rspec-support (3.4.1)
    ruby2_keywords (0.0.5)
    sass (3.4.21)
    sinatra (2.2.0)
      mustermann (~> 1.0)
      rack (~> 2.2)
      rack-protection (= 2.2.0)
      tilt (~> 2.0)
    sqlite3 (1.3.11)
    thor (0.20.3)
    thread_safe (0.3.6)
    tilt (2.0.10)
    tzinfo (1.2.9)
      thread_safe (~> 0.1)

PLATFORMS
  ruby

DEPENDENCIES
  activerecord (>= 3.1)
  bcrypt
  builder
  haml
  padrino (= 0.13.3.1)
  pg
  rack-test
  rake
  rspec
  sass
  sqlite3

BUNDLED WITH
   1.17.3
